GEM
  remote: https://rubygems.org/
  specs:
    addressable (2.5.2)
      public_suffix (>= 2.0.2, < 4.0)
    coderay (1.1.2)
    faraday (0.15.2)
      multipart-post (>= 1.2, < 3)
    faraday_middleware (0.12.2)
      faraday (>= 0.7.4, < 1.0)
    faraday_middleware-parse_oj (0.3.2)
      faraday (~> 0.9)
      faraday_middleware (>= 0.9.1, < 1.0)
      oj (>= 2.0, < 4.0)
    giphy (3.0.0)
      faraday (~> 0.9)
      faraday_middleware (~> 0.9)
      faraday_middleware-parse_oj (~> 0.3)
      launchy (~> 2.4)
    httparty (0.16.2)
      multi_xml (>= 0.5.2)
    httpclient (2.8.3)
    json (2.1.0)
    launchy (2.4.3)
      addressable (~> 2.3)
    method_source (0.9.0)
    multi_xml (0.6.0)
    multipart-post (2.0.0)
    mustermann (1.0.3)
    oj (3.6.6)
    poke-api (0.0.1)
      httpclient
      json
    pry (0.11.3)
      coderay (~> 1.1.0)
      method_source (~> 0.9.0)
    public_suffix (3.0.3)
    rack (2.0.5)
    rack-protection (2.0.3)
      rack
    shotgun (0.9.2)
      rack (>= 1.0)
    sinatra (2.0.3)
      mustermann (~> 1.0)
      rack (~> 2.0)
      rack-protection (= 2.0.3)
      tilt (~> 2.0)
    tilt (2.0.8)

PLATFORMS
  ruby

DEPENDENCIES
  giphy
  httparty
  poke-api
  pry
  shotgun
  sinatra

BUNDLED WITH
   1.16.3
